GEM
  remote: https://rubygems.org/
  specs:
    awesome_print (1.8.0)
    byebug (10.0.2)
    coderay (1.1.2)
    method_source (0.9.2)
    mini_portile2 (2.4.0)
    mustermann (1.0.3)
    nokogiri (1.10.1)
      mini_portile2 (~> 2.4.0)
    pg (1.1.4)
    pry (0.12.2)
      coderay (~> 1.1.0)
      method_source (~> 0.9.0)
    pry-byebug (3.6.0)
      byebug (~> 10.0)
      pry (~> 0.10)
    rack (2.0.6)
    rack-protection (2.0.5)
      rack
    sinatra (2.0.5)
      mustermann (~> 1.0)
      rack (~> 2.0)
      rack-protection (= 2.0.5)
      tilt (~> 2.0)
    tilt (2.0.9)

PLATFORMS
  ruby

DEPENDENCIES
  awesome_print
  nokogiri
  pg
  pry-byebug
  sinatra

BUNDLED WITH
   1.16.6
